PATH
  remote: .
  specs:
    minbox (0.1.6)
      base64 (~> 0.3)
      concurrent-ruby (~> 1.1)
      hashie (~> 3.6)
      listen (~> 3.1)
      logger (~> 1.0)
      mail (~> 2.7)
      net-smtp (~> 0.1)
      openssl (~> 3.0)
      thor (~> 1.0)

GEM
  remote: https://rubygems.org/
  specs:
    base64 (0.3.0)
    concurrent-ruby (1.3.5)
    date (3.4.1)
    diff-lcs (1.6.2)
    faker (3.5.2)
      i18n (>= 1.8.11, < 2)
    ffi (1.17.2-x86_64-linux-gnu)
    hashie (3.6.0)
    i18n (1.14.7)
      concurrent-ruby (~> 1.0)
    listen (3.9.0)
      rb-fsevent (~> 0.10, >= 0.10.3)
      rb-inotify (~> 0.9, >= 0.9.10)
    logger (1.7.0)
    mail (2.8.1)
      mini_mime (>= 0.1.1)
      net-imap
      net-pop
      net-smtp
    mini_mime (1.1.5)
    net-imap (0.5.10)
      date
      net-protocol
    net-pop (0.1.2)
      net-protocol
    net-protocol (0.2.2)
      timeout
    net-smtp (0.5.1)
      net-protocol
    openssl (3.3.0)
    rake (13.3.0)
    rb-fsevent (0.11.2)
    rb-inotify (0.11.1)
      ffi (~> 1.0)
    rspec (3.13.1)
      rspec-core (~> 3.13.0)
      rspec-expectations (~> 3.13.0)
      rspec-mocks (~> 3.13.0)
    rspec-core (3.13.5)
      rspec-support (~> 3.13.0)
    rspec-expectations (3.13.5)
      diff-lcs (>= 1.2.0, < 2.0)
      rspec-support (~> 3.13.0)
    rspec-mocks (3.13.5)
      diff-lcs (>= 1.2.0, < 2.0)
      rspec-support (~> 3.13.0)
    rspec-support (3.13.6)
    thor (1.4.0)
    timeout (0.4.3)

PLATFORMS
  x86_64-linux

DEPENDENCIES
  bundler (~> 2.0)
  faker (~> 3.0)
  minbox!
  rake (~> 13.0)
  rspec (~> 3.0)

BUNDLED WITH
   2.7.2
